GEM
  remote: https://rubygems.org/
  specs:
    cgi (0.4.0)
    coderay (1.1.3)
    erb (4.0.3)
      cgi (>= 0.3.3)
    method_source (1.0.0)
    nio4r (2.6.1)
    pry (0.14.2)
      coderay (~> 1.1)
      method_source (~> 1.0)
    puma (6.4.0)
      nio4r (~> 2.0)
    rack (3.0.8)

PLATFORMS
  arm64-darwin-23

DEPENDENCIES
  erb (~> 4.0)
  pry (~> 0.14.2)
  puma (~> 6.4)
  rack (~> 3.0)

BUNDLED WITH
   2.4.22
